GEM
  remote: https://rubygems.org/
  specs:
    CFPropertyList (2.3.1)
    actioncable (5.0.0)
      actionpack (= 5.0.0)
      nio4r (~> 1.2)
      websocket-driver (~> 0.6.1)
    actionmailer (5.0.0)
      actionpack (= 5.0.0)
      actionview (= 5.0.0)
      activejob (= 5.0.0)
      mail (~> 2.5, >= 2.5.4)
      rails-dom-testing (~> 2.0)
    actionpack (5.0.0)
      actionview (= 5.0.0)
      activesupport (= 5.0.0)
      rack (~> 2.0)
      rack-test (~> 0.6.3)
      rails-dom-testing (~> 2.0)
      rails-html-sanitizer (~> 1.0, >= 1.0.2)
    actionview (5.0.0)
      activesupport (= 5.0.0)
      builder (~> 3.1)
      erubis (~> 2.7.0)
      rails-dom-testing (~> 2.0)
      rails-html-sanitizer (~> 1.0, >= 1.0.2)
    activejob (5.0.0)
      activesupport (= 5.0.0)
      globalid (>= 0.3.6)
    activemodel (5.0.0)
      activesupport (= 5.0.0)
    activerecord (5.0.0)
      activemodel (= 5.0.0)
      activesupport (= 5.0.0)
      arel (~> 7.0)
    activesupport (5.0.0)
      concurrent-ruby (~> 1.0, >= 1.0.2)
      i18n (~> 0.7)
      minitest (~> 5.1)
      tzinfo (~> 1.1)
    addressable (2.3.5)
    arel (7.1.4)
    atomic (1.1.14)
    aws-ses (0.5.0)
      builder
      mail (> 2.2.5)
      mime-types
      xml-simple
    backup-remote (0.0.17)
      CFPropertyList (= 2.3.1)
      addressable (= 2.3.5)
      atomic (= 1.1.14)
      aws-ses (= 0.5.0)
      buftok (= 0.2.0)
      builder (= 3.2.2)
      descendants_tracker (= 0.0.3)
      dogapi (= 1.11.0)
      dropbox-sdk (= 1.6.5)
      equalizer (= 0.0.9)
      excon (>= 0.44.4)
      faraday (= 0.8.8)
      fission (= 0.5.0)
      flowdock (= 0.4.0)
      fog (= 1.28.0)
      fog-atmos (= 0.1.0)
      fog-aws (= 0.1.1)
      fog-brightbox (= 0.7.1)
      fog-core (= 1.29.0)
      fog-ecloud (= 0.0.2)
      fog-json (= 1.0.0)
      fog-profitbricks (= 0.0.2)
      fog-radosgw (= 0.0.3)
      fog-riakcs (= 0.1.0)
      fog-sakuracloud (= 1.0.0)
      fog-serverlove (= 0.1.1)
      fog-softlayer (= 0.4.1)
      fog-storm_on_demand (= 0.1.0)
      fog-terremark (= 0.0.4)
      fog-vmfusion (= 0.0.1)
      fog-voxel (= 0.0.2)
      fog-xml (= 0.1.1)
      formatador (= 0.2.5)
      hipchat (= 1.0.1)
      http (= 0.5.0)
      http_parser.rb (= 0.6.0)
      httparty (= 0.12.0)
      inflecto (= 0.0.2)
      ipaddress (= 0.8.0)
      json (= 1.8.2)
      mail (= 2.6.3)
      memoizable (= 0.4.0)
      mime-types (= 2.4.3)
      mini_portile2 (= 2.1.0)
      multi_json (= 1.10.1)
      multi_xml (= 0.5.5)
      multipart-post (= 1.2.0)
      net-scp (= 1.2.1)
      net-sftp (= 2.1.2)
      net-ssh (= 3.2.0)
      netrc (= 0.11.0)
      nokogiri (= 1.6.8)
      open4 (>= 1.3.0)
      pagerduty (= 2.0.0)
      pkg-config (= 1.1.7)
      qiniu (= 6.5.1)
      rest-client (= 1.7.3)
      ruby-hmac (= 0.4.0)
      simple_oauth (= 0.2.0)
      sshkit (>= 1.11.3)
      sshkit-sudo (>= 0.1.0)
      thor (>= 0.18.1)
      thread_safe (= 0.1.3)
      twitter (= 5.5.0)
      unf (= 0.1.3)
      unf_ext (= 0.0.6)
      xml-simple (= 1.1.4)
    binding_of_caller (0.7.2)
      debug_inspector (>= 0.0.1)
    buftok (0.2.0)
    builder (3.2.2)
    byebug (9.1.0)
    coffee-rails (4.1.1)
      coffee-script (>= 2.2.0)
      railties (>= 4.0.0, < 5.1.x)
    coffee-script (2.4.1)
      coffee-script-source
      execjs
    coffee-script-source (1.12.2)
    concurrent-ruby (1.0.5)
    debug_inspector (0.0.3)
    descendants_tracker (0.0.3)
    dogapi (1.11.0)
      json (>= 1.5.1)
    dropbox-sdk (1.6.5)
      json
    equalizer (0.0.9)
    erubis (2.7.0)
    excon (0.59.0)
    execjs (2.7.0)
    faraday (0.8.8)
      multipart-post (~> 1.2.0)
    ffi (1.9.18)
    fission (0.5.0)
      CFPropertyList (~> 2.2)
    flowdock (0.4.0)
      httparty (~> 0.7)
      multi_json
    fog (1.28.0)
      fog-atmos
      fog-aws (~> 0.0)
      fog-brightbox (~> 0.4)
      fog-core (~> 1.27, >= 1.27.3)
      fog-ecloud
      fog-json
      fog-profitbricks
      fog-radosgw (>= 0.0.2)
      fog-riakcs
      fog-sakuracloud (>= 0.0.4)
      fog-serverlove
      fog-softlayer
      fog-storm_on_demand
      fog-terremark
      fog-vmfusion
      fog-voxel
      fog-xml (~> 0.1.1)
      ipaddress (~> 0.5)
      nokogiri (~> 1.5, >= 1.5.11)
    fog-atmos (0.1.0)
      fog-core
      fog-xml
    fog-aws (0.1.1)
      fog-core (~> 1.27)
      fog-json (~> 1.0)
      fog-xml (~> 0.1)
      ipaddress (~> 0.8)
    fog-brightbox (0.7.1)
      fog-core (~> 1.22)
      fog-json
      inflecto (~> 0.0.2)
    fog-core (1.29.0)
      builder
      excon (~> 0.38)
      formatador (~> 0.2)
      mime-types
      net-scp (~> 1.1)
      net-ssh (>= 2.1.3)
    fog-ecloud (0.0.2)
      fog-core
      fog-xml
    fog-json (1.0.0)
      multi_json (~> 1.0)
    fog-profitbricks (0.0.2)
      fog-core
      fog-xml
      nokogiri
    fog-radosgw (0.0.3)
      fog-core (>= 1.21.0)
      fog-json
      fog-xml (>= 0.0.1)
    fog-riakcs (0.1.0)
      fog-core
      fog-json
      fog-xml
    fog-sakuracloud (1.0.0)
      fog-core
      fog-json
    fog-serverlove (0.1.1)
      fog-core
      fog-json
    fog-softlayer (0.4.1)
      fog-core
      fog-json
    fog-storm_on_demand (0.1.0)
      fog-core
      fog-json
    fog-terremark (0.0.4)
      fog-core
      fog-xml
    fog-vmfusion (0.0.1)
      fission
      fog-core
    fog-voxel (0.0.2)
      fog-core
      fog-xml
    fog-xml (0.1.1)
      fog-core
      nokogiri (~> 1.5, >= 1.5.11)
    formatador (0.2.5)
    globalid (0.4.0)
      activesupport (>= 4.2.0)
    hipchat (1.0.1)
      httparty
    http (0.5.0)
      http_parser.rb
    http_parser.rb (0.6.0)
    httparty (0.12.0)
      json (~> 1.8)
      multi_xml (>= 0.5.2)
    i18n (0.8.6)
    inflecto (0.0.2)
    ipaddress (0.8.0)
    jbuilder (2.7.0)
      activesupport (>= 4.2.0)
      multi_json (>= 1.2)
    jquery-rails (4.3.1)
      rails-dom-testing (>= 1, < 3)
      railties (>= 4.2.0)
      thor (>= 0.14, < 2.0)
    json (1.8.2)
    loofah (2.0.3)
      nokogiri (>= 1.5.9)
    mail (2.6.3)
      mime-types (>= 1.16, < 3)
    memoizable (0.4.0)
      thread_safe (~> 0.1.3)
    method_source (0.8.2)
    mime-types (2.4.3)
    mini_portile2 (2.1.0)
    minitest (5.10.3)
    multi_json (1.10.1)
    multi_xml (0.5.5)
    multipart-post (1.2.0)
    net-scp (1.2.1)
      net-ssh (>= 2.6.5)
    net-sftp (2.1.2)
      net-ssh (>= 2.6.5)
    net-ssh (3.2.0)
    netrc (0.11.0)
    nio4r (1.2.1)
    nokogiri (1.6.8)
      mini_portile2 (~> 2.1.0)
      pkg-config (~> 1.1.7)
    open4 (1.3.4)
    pagerduty (2.0.0)
      json (>= 1.7.7)
    pg (0.21.0)
    pkg-config (1.1.7)
    qiniu (6.5.1)
      json (~> 1.8)
      mime-types (~> 2.4.3)
      rest-client (~> 1.7.3)
      ruby-hmac (~> 0.4)
    rack (2.0.3)
    rack-test (0.6.3)
      rack (>= 1.0)
    rails (5.0.0)
      actioncable (= 5.0.0)
      actionmailer (= 5.0.0)
      actionpack (= 5.0.0)
      actionview (= 5.0.0)
      activejob (= 5.0.0)
      activemodel (= 5.0.0)
      activerecord (= 5.0.0)
      activesupport (= 5.0.0)
      bundler (>= 1.3.0, < 2.0)
      railties (= 5.0.0)
      sprockets-rails (>= 2.0.0)
    rails-dom-testing (2.0.3)
      activesupport (>= 4.2.0)
      nokogiri (>= 1.6)
    rails-html-sanitizer (1.0.3)
      loofah (~> 2.0)
    railties (5.0.0)
      actionpack (= 5.0.0)
      activesupport (= 5.0.0)
      method_source
      rake (>= 0.8.7)
      thor (>= 0.18.1, < 2.0)
    rake (12.1.0)
    rb-fsevent (0.10.2)
    rb-inotify (0.9.10)
      ffi (>= 0.5.0, < 2)
    rdoc (4.3.0)
    rest-client (1.7.3)
      mime-types (>= 1.16, < 3.0)
      netrc (~> 0.7)
    ruby-hmac (0.4.0)
    sass (3.5.1)
      sass-listen (~> 4.0.0)
    sass-listen (4.0.0)
      rb-fsevent (~> 0.9, >= 0.9.4)
      rb-inotify (~> 0.9, >= 0.9.7)
    sass-rails (5.0.6)
      railties (>= 4.0.0, < 6)
      sass (~> 3.1)
      sprockets (>= 2.8, < 4.0)
      sprockets-rails (>= 2.0, < 4.0)
      tilt (>= 1.1, < 3)
    sdoc (0.4.2)
      json (~> 1.7, >= 1.7.7)
      rdoc (~> 4.0)
    simple_oauth (0.2.0)
    spring (2.0.2)
      activesupport (>= 4.2)
    sprockets (3.7.1)
      concurrent-ruby (~> 1.0)
      rack (> 1, < 3)
    sprockets-rails (3.2.1)
      actionpack (>= 4.0)
      activesupport (>= 4.0)
      sprockets (>= 3.0.0)
    sshkit (1.14.0)
      net-scp (>= 1.1.2)
      net-ssh (>= 2.8.0)
    sshkit-sudo (0.1.0)
      sshkit (~> 1.8)
    thor (0.20.0)
    thread_safe (0.1.3)
      atomic
    tilt (2.0.8)
    turbolinks (5.0.1)
      turbolinks-source (~> 5)
    turbolinks-source (5.0.3)
    twitter (5.5.0)
      addressable (~> 2.3)
      buftok (~> 0.2.0)
      descendants_tracker (~> 0.0.3)
      equalizer (~> 0.0.9)
      faraday (>= 0.8, < 0.10)
      http (~> 0.5.0)
      http_parser.rb (~> 0.6.0)
      json (~> 1.8)
      memoizable (~> 0.4.0)
      simple_oauth (~> 0.2.0)
    tzinfo (1.2.3)
      thread_safe (~> 0.1)
    uglifier (3.2.0)
      execjs (>= 0.3.0, < 3)
    unf (0.1.3)
      unf_ext
    unf_ext (0.0.6)
    web-console (2.3.0)
      activemodel (>= 4.0)
      binding_of_caller (>= 0.7.2)
      railties (>= 4.0)
      sprockets-rails (>= 2.0, < 4.0)
    websocket-driver (0.6.5)
      websocket-extensions (>= 0.1.0)
    websocket-extensions (0.1.2)
    xml-simple (1.1.4)

PLATFORMS
  ruby

DEPENDENCIES
  backup-remote (~> 0.0.17)
  byebug
  coffee-rails (~> 4.1.0)
  jbuilder (~> 2.0)
  jquery-rails
  pg
  rails (= 5.0.0)
  sass-rails (~> 5.0)
  sdoc (~> 0.4.0)
  spring
  turbolinks
  uglifier (>= 1.3.0)
  web-console (~> 2.0)

BUNDLED WITH
   1.15.4
